GEM
  remote: http://rubygems.org/
  specs:
    clean_ripper (0.0.2)
    diff-lcs (1.1.3)
    fakeweb (1.3.0)
    mini_portile2 (2.4.0)
    multi_json (1.3.6)
    nokogiri (1.10.8)
      mini_portile2 (~> 2.4.0)
    rspec (2.11.0)
      rspec-core (~> 2.11.0)
      rspec-expectations (~> 2.11.0)
      rspec-mocks (~> 2.11.0)
    rspec-core (2.11.0)
    rspec-expectations (2.11.1)
      diff-lcs (~> 1.1.3)
    rspec-mocks (2.11.1)
    simplecov (0.6.4)
      multi_json (~> 1.0)
      simplecov-html (~> 0.5.3)
    simplecov-html (0.5.3)
    sqlite3 (1.3.6)

PLATFORMS
  ruby

DEPENDENCIES
  clean_ripper
  fakeweb
  nokogiri
  rspec
  simplecov
  sqlite3
